PATH
  remote: .
  specs:
    untappd (0.0.5)
      hashie (>= 1.0.0)
      httparty (>= 0.7.3)

GEM
  remote: http://rubygems.org/
  specs:
    diff-lcs (1.1.3)
    fakeweb (1.3.0)
    hashie (1.2.0)
    httparty (0.9.0)
      multi_json (~> 1.0)
      multi_xml
    multi_json (1.4.0)
    multi_xml (0.5.1)
    rake (10.0.2)
    rspec (2.12.0)
      rspec-core (~> 2.12.0)
      rspec-expectations (~> 2.12.0)
      rspec-mocks (~> 2.12.0)
    rspec-core (2.12.1)
    rspec-expectations (2.12.0)
      diff-lcs (~> 1.1.3)
    rspec-mocks (2.12.0)
    vcr (2.3.0)

PLATFORMS
  ruby

DEPENDENCIES
  fakeweb (>= 1.3.0)
  rake
  rspec (>= 2.12.0)
  untappd!
  vcr (>= 2.3.0)
